PATH
  remote: .
  specs:
    milvus (0.9.3)
      faraday (>= 2.0.1, < 3)

GEM
  remote: https://rubygems.org/
  specs:
    addressable (2.8.7)
      public_suffix (>= 2.0.2, < 7.0)
    ast (2.4.2)
    baran (0.1.12)
    byebug (11.1.3)
    coderay (1.1.3)
    colorize (1.1.0)
    diff-lcs (1.5.0)
    event_stream_parser (1.0.0)
    faraday (2.7.10)
      faraday-net_http (>= 2.0, < 3.1)
      ruby2_keywords (>= 0.0.4)
    faraday-multipart (1.0.4)
      multipart-post (~> 2)
    faraday-net_http (3.0.2)
    json (2.6.3)
    json-schema (4.3.0)
      addressable (>= 2.8)
    langchainrb (0.13.5)
      baran (~> 0.1.9)
      colorize (~> 1.1.0)
      json-schema (~> 4)
      matrix
      pragmatic_segmenter (~> 0.3.0)
      to_bool (~> 2.0.0)
      zeitwerk (~> 2.5)
    language_server-protocol (3.17.0.3)
    matrix (0.4.2)
    method_source (1.0.0)
    multipart-post (2.4.1)
    parallel (1.23.0)
    parser (3.2.2.0)
      ast (~> 2.4.1)
    pragmatic_segmenter (0.3.23)
      unicode
    pry (0.14.2)
      coderay (~> 1.1)
      method_source (~> 1.0)
    pry-byebug (3.10.1)
      byebug (~> 11.0)
      pry (>= 0.13, < 0.15)
    public_suffix (6.0.0)
    rainbow (3.1.1)
    rake (13.0.6)
    regexp_parser (2.8.0)
    rexml (3.2.5)
    rspec (3.12.0)
      rspec-core (~> 3.12.0)
      rspec-expectations (~> 3.12.0)
      rspec-mocks (~> 3.12.0)
    rspec-core (3.12.1)
      rspec-support (~> 3.12.0)
    rspec-expectations (3.12.2)
      diff-lcs (>= 1.2.0, < 2.0)
      rspec-support (~> 3.12.0)
    rspec-mocks (3.12.5)
      diff-lcs (>= 1.2.0, < 2.0)
      rspec-support (~> 3.12.0)
    rspec-support (3.12.0)
    rubocop (1.50.2)
      json (~> 2.3)
      parallel (~> 1.10)
      parser (>= 3.2.0.0)
      rainbow (>= 2.2.2, < 4.0)
      regexp_parser (>= 1.8, < 3.0)
      rexml (>= 3.2.5, < 4.0)
      rubocop-ast (>= 1.28.0, < 2.0)
      ruby-progressbar (~> 1.7)
      unicode-display_width (>= 2.4.0, < 3.0)
    rubocop-ast (1.28.0)
      parser (>= 3.2.1.0)
    rubocop-performance (1.16.0)
      rubocop (>= 1.7.0, < 2.0)
      rubocop-ast (>= 0.4.0)
    ruby-openai (6.4.0)
      event_stream_parser (>= 0.3.0, < 2.0.0)
      faraday (>= 1)
      faraday-multipart (>= 1)
    ruby-progressbar (1.13.0)
    ruby2_keywords (0.0.5)
    standard (1.27.0)
      language_server-protocol (~> 3.17.0.2)
      rubocop (~> 1.50.2)
      rubocop-performance (~> 1.16.0)
    to_bool (2.0.0)
    unicode (0.4.4.5)
    unicode-display_width (2.4.2)
    zeitwerk (2.6.16)

PLATFORMS
  ruby

DEPENDENCIES
  langchainrb
  milvus!
  pry-byebug (~> 3.10.0)
  rake (~> 13.0)
  rspec (~> 3.0)
  ruby-openai
  standard (~> 1.27.0)

BUNDLED WITH
   2.5.14
